NUGET
  remote: https://nuget.org/api/v2
  specs:
    Aether (7.0.1)
    Arachne.Core (2.3.25)
      FParsec (>= 1.0.2)
    Arachne.Http (2.3.25)
      Arachne.Core (>= 2.3.25)
      Arachne.Language (>= 2.3.25)
      Arachne.Uri (>= 2.3.25)
      FParsec (>= 1.0.2)
    Arachne.Http.Cors (2.3.25)
      Arachne.Core (>= 2.3.25)
      Arachne.Http (>= 2.3.25)
      Arachne.Uri (>= 2.3.25)
      FParsec (>= 1.0.2)
    Arachne.Language (2.3.25)
      Arachne.Core (>= 2.3.25)
      FParsec (>= 1.0.2)
    Arachne.Uri (2.3.25)
      Arachne.Core (>= 2.3.25)
      FParsec (>= 1.0.2)
    Arachne.Uri.Template (2.3.25)
      Arachne.Core (>= 2.3.25)
      Arachne.Uri (>= 2.3.25)
      FParsec (>= 1.0.2)
    FAKE (4.7.1)
    FParsec (1.0.2)
    Freya (2.0.199)
      Freya.Core (>= 2.0.199)
      Freya.Lenses.Http (>= 2.0.199)
      Freya.Lenses.Http.Cors (>= 2.0.199)
      Freya.Machine (>= 2.0.199)
      Freya.Machine.Extensions.Http (>= 2.0.199)
      Freya.Machine.Extensions.Http.Cors (>= 2.0.199)
      Freya.Machine.Router (>= 2.0.199)
      Freya.Recorder (>= 2.0.199)
      Freya.Router (>= 2.0.199)
    Freya.Core (2.0.199)
      Aether (>= 7.0.1)
    Freya.Lenses.Http (2.0.199)
      Aether (>= 7.0.1)
      Arachne.Http (>= 2.3.25)
      Freya.Core (>= 2.0.199)
    Freya.Lenses.Http.Cors (2.0.199)
      Aether (>= 7.0.1)
      Arachne.Http.Cors (>= 2.3.25)
      Freya.Core (>= 2.0.199)
      Freya.Lenses.Http (>= 2.0.199)
    Freya.Machine (2.0.199)
      Aether (>= 7.0.1)
      Freya.Core (>= 2.0.199)
      Freya.Recorder (>= 2.0.199)
      Hekate (>= 1.0.1)
    Freya.Machine.Extensions.Http (2.0.199)
      Aether (>= 7.0.1)
      Arachne.Http (>= 2.3.25)
      Freya.Core (>= 2.0.199)
      Freya.Lenses.Http (>= 2.0.199)
      Freya.Machine (>= 2.0.199)
    Freya.Machine.Extensions.Http.Cors (2.0.199)
      Aether (>= 7.0.1)
      Arachne.Http.Cors (>= 2.3.25)
      Freya.Core (>= 2.0.199)
      Freya.Lenses.Http (>= 2.0.199)
      Freya.Lenses.Http.Cors (>= 2.0.199)
      Freya.Machine (>= 2.0.199)
      Freya.Machine.Extensions.Http (>= 2.0.199)
    Freya.Machine.Router (2.0.199)
      Freya.Core (>= 2.0.199)
      Freya.Machine (>= 2.0.199)
      Freya.Router (>= 2.0.199)
    Freya.Recorder (2.0.199)
      Aether (>= 7.0.1)
      Arachne.Core (>= 2.3.25)
      Freya.Core (>= 2.0.199)
    Freya.Router (2.0.199)
      Aether (>= 7.0.1)
      Arachne.Http (>= 2.3.25)
      Arachne.Uri.Template (>= 2.3.25)
      Freya.Core (>= 2.0.199)
      Freya.Lenses.Http (>= 2.0.199)
      Freya.Recorder (>= 2.0.199)
      Hekate (>= 1.0.1)
    FsCheck (2.1.0) - framework: >= net45
      FSharp.Core (>= 3.1.2.5)
    FsCheck.Xunit (2.1.0) - framework: >= net45
      FsCheck (>= 2.1.0)
      xunit.extensibility.execution (>= 2.1.0)
    FSharp.Core (3.1.2.5) - framework: >= net45
    Hekate (1.0.1)
      Aether (>= 7.0.1)
    Microsoft.Owin (3.0.1)
      Owin (>= 1.0)
    Microsoft.Owin.Diagnostics (3.0.1) - framework: >= net45
      Microsoft.Owin (>= 3.0.1)
      Owin (>= 1.0)
    Microsoft.Owin.Host.HttpListener (3.0.1) - framework: >= net45
    Microsoft.Owin.Host.SystemWeb (3.0.1)
      Microsoft.Owin (>= 3.0.1)
      Owin (>= 1.0)
    Microsoft.Owin.Hosting (3.0.1) - framework: >= net45
      Microsoft.Owin (>= 3.0.1)
      Owin (>= 1.0)
    Microsoft.Owin.SelfHost (3.0.1) - framework: >= net45
      Microsoft.Owin (>= 3.0.1)
      Microsoft.Owin.Diagnostics (>= 3.0.1)
      Microsoft.Owin.Host.HttpListener (>= 3.0.1)
      Microsoft.Owin.Hosting (>= 3.0.1)
      Owin (>= 1.0)
    Owin (1.0.0)
    xunit.abstractions (2.0.0) - framework: >= net45
    xunit.extensibility.core (2.1.0) - framework: >= net45
      xunit.abstractions (2.0.0)
    xunit.extensibility.execution (2.1.0) - framework: >= net45
      xunit.extensibility.core (2.1.0) - framework: >= net45, dnx451, dnxcore50, monoandroid, monotouch, xamarinios, winv4.5, wpv8.0
    xunit.runner.console (2.1.0) - framework: >= net45
    xunit.runner.visualstudio (2.1.0) - framework: >= net45
