NUGET
  remote: https://nuget.org/api/v2
  specs:
    Aether (7.0.1)
    Arachne.Core (2.3.25)
      FParsec (>= 1.0.2)
    Arachne.Http (2.3.25)
      Arachne.Core (>= 2.3.25)
      Arachne.Language (>= 2.3.25)
      Arachne.Uri (>= 2.3.25)
      FParsec (>= 1.0.2)
    Arachne.Http.Cors (2.3.25)
      Arachne.Core (>= 2.3.25)
      Arachne.Http (>= 2.3.25)
      Arachne.Uri (>= 2.3.25)
      FParsec (>= 1.0.2)
    Arachne.Language (2.3.25)
      Arachne.Core (>= 2.3.25)
      FParsec (>= 1.0.2)
    Arachne.Uri (2.3.25)
      Arachne.Core (>= 2.3.25)
      FParsec (>= 1.0.2)
    Arachne.Uri.Template (2.3.25)
      Arachne.Core (>= 2.3.25)
      Arachne.Uri (>= 2.3.25)
      FParsec (>= 1.0.2)
    FAKE (4.7.1)
    FParsec (1.0.2)
    Freya (2.0.199)
      Freya.Core (>= 2.0.199)
      Freya.Lenses.Http (>= 2.0.199)
      Freya.Lenses.Http.Cors (>= 2.0.199)
      Freya.Machine (>= 2.0.199)
      Freya.Machine.Extensions.Http (>= 2.0.199)
      Freya.Machine.Extensions.Http.Cors (>= 2.0.199)
      Freya.Machine.Router (>= 2.0.199)
      Freya.Recorder (>= 2.0.199)
      Freya.Router (>= 2.0.199)
    Freya.Core (2.0.199)
      Aether (>= 7.0.1)
    Freya.Lenses.Http (2.0.199)
      Aether (>= 7.0.1)
      Arachne.Http (>= 2.3.25)
      Freya.Core (>= 2.0.199)
    Freya.Lenses.Http.Cors (2.0.199)
      Aether (>= 7.0.1)
      Arachne.Http.Cors (>= 2.3.25)
      Freya.Core (>= 2.0.199)
      Freya.Lenses.Http (>= 2.0.199)
    Freya.Machine (2.0.199)
      Aether (>= 7.0.1)
      Freya.Core (>= 2.0.199)
      Freya.Recorder (>= 2.0.199)
      Hekate (>= 1.0.1)
    Freya.Machine.Extensions.Http (2.0.199)
      Aether (>= 7.0.1)
      Arachne.Http (>= 2.3.25)
      Freya.Core (>= 2.0.199)
      Freya.Lenses.Http (>= 2.0.199)
      Freya.Machine (>= 2.0.199)
    Freya.Machine.Extensions.Http.Cors (2.0.199)
      Aether (>= 7.0.1)
      Arachne.Http.Cors (>= 2.3.25)
      Freya.Core (>= 2.0.199)
      Freya.Lenses.Http (>= 2.0.199)
      Freya.Lenses.Http.Cors (>= 2.0.199)
      Freya.Machine (>= 2.0.199)
      Freya.Machine.Extensions.Http (>= 2.0.199)
    Freya.Machine.Router (2.0.199)
      Freya.Core (>= 2.0.199)
      Freya.Machine (>= 2.0.199)
      Freya.Router (>= 2.0.199)
    Freya.Recorder (2.0.199)
      Aether (>= 7.0.1)
      Arachne.Core (>= 2.3.25)
      Freya.Core (>= 2.0.199)
    Freya.Router (2.0.199)
      Aether (>= 7.0.1)
      Arachne.Http (>= 2.3.25)
      Arachne.Uri.Template (>= 2.3.25)
      Freya.Core (>= 2.0.199)
      Freya.Lenses.Http (>= 2.0.199)
      Freya.Recorder (>= 2.0.199)
      Hekate (>= 1.0.1)
    FsCheck (2.1.0) - framework: >= net45
      FSharp.Core (>= 3.1.2.5)
    FsCheck.Xunit (2.1.0) - framework: >= net45
      FsCheck (>= 2.1.0)
      xunit.extensibility.execution (>= 2.1.0)
    FSharp.Core (4.0.0.1) - framework: >= net45
    Hekate (1.0.1)
      Aether (>= 7.0.1)
    System.Collections (4.0.10) - framework: dnxcore50
      System.Diagnostics.Debug (>= 4.0.0) - framework: dnxcore50
      System.Resources.ResourceManager (>= 4.0.0) - framework: dnxcore50
      System.Runtime (>= 4.0.0) - framework: dnxcore50
      System.Runtime (>= 4.0.20) - framework: dnxcore50
      System.Runtime.Extensions (>= 4.0.0) - framework: dnxcore50
      System.Threading (>= 4.0.0) - framework: dnxcore50
    System.Diagnostics.Contracts (4.0.0) - framework: dnxcore50
      System.Runtime (>= 4.0.0) - framework: dnxcore50
    System.Diagnostics.Debug (4.0.10) - framework: dnxcore50
      System.Runtime (>= 4.0.0) - framework: dnxcore50
    System.Globalization (4.0.10) - framework: dnxcore50
      System.Runtime (>= 4.0.0) - framework: dnxcore50
    System.IO (4.0.10) - framework: dnxcore50
      System.Globalization (>= 4.0.0) - framework: dnxcore50
      System.Runtime (>= 4.0.20) - framework: dnxcore50
      System.Text.Encoding (>= 4.0.0) - framework: dnxcore50
      System.Text.Encoding (>= 4.0.10) - framework: dnxcore50
      System.Text.Encoding.Extensions (>= 4.0.0) - framework: dnxcore50
      System.Threading (>= 4.0.0) - framework: dnxcore50
      System.Threading.Tasks (>= 4.0.0) - framework: dnxcore50
    System.Linq (4.0.0) - framework: dnxcore50
      System.Collections (>= 4.0.10) - framework: dnxcore50
      System.Diagnostics.Debug (>= 4.0.10) - framework: dnxcore50
      System.Resources.ResourceManager (>= 4.0.0) - framework: dnxcore50
      System.Runtime (>= 4.0.20) - framework: dnxcore50
      System.Runtime.Extensions (>= 4.0.10) - framework: dnxcore50
    System.Linq.Expressions (4.0.10) - framework: dnxcore50
      System.Collections (>= 4.0.0) - framework: dnxcore50
      System.Diagnostics.Debug (>= 4.0.0) - framework: dnxcore50
      System.Globalization (>= 4.0.0) - framework: dnxcore50
      System.IO (>= 4.0.0) - framework: dnxcore50
      System.Linq (>= 4.0.0) - framework: dnxcore50
      System.ObjectModel (>= 4.0.0) - framework: dnxcore50
      System.Reflection (>= 4.0.0) - framework: dnxcore50
      System.Reflection.Emit (>= 4.0.0) - framework: dnxcore50
      System.Reflection.Extensions (>= 4.0.0) - framework: dnxcore50
      System.Reflection.Primitives (>= 4.0.0) - framework: dnxcore50
      System.Reflection.TypeExtensions (>= 4.0.0) - framework: dnxcore50
      System.Resources.ResourceManager (>= 4.0.0) - framework: dnxcore50
      System.Runtime (>= 4.0.0) - framework: dnxcore50
      System.Runtime (>= 4.0.20) - framework: dnxcore50
      System.Runtime.Extensions (>= 4.0.0) - framework: dnxcore50
      System.Threading (>= 4.0.0) - framework: dnxcore50
    System.ObjectModel (4.0.10) - framework: dnxcore50
      System.Collections (>= 4.0.10) - framework: dnxcore50
      System.Diagnostics.Debug (>= 4.0.10) - framework: dnxcore50
      System.Resources.ResourceManager (>= 4.0.0) - framework: dnxcore50
      System.Runtime (>= 4.0.20) - framework: dnxcore50
      System.Threading (>= 4.0.10) - framework: dnxcore50
    System.Private.Uri (4.0.0) - framework: dnxcore50
    System.Reflection (4.0.10) - framework: dnxcore50
      System.IO (>= 4.0.0) - framework: dnxcore50
      System.Reflection.Primitives (>= 4.0.0) - framework: dnxcore50
      System.Runtime (>= 4.0.20) - framework: dnxcore50
    System.Reflection.Emit (4.0.0) - framework: dnxcore50
      System.IO (>= 4.0.0) - framework: dnxcore50
      System.Reflection (>= 4.0.0) - framework: dnxcore50
      System.Reflection.Emit.ILGeneration (>= 4.0.0) - framework: dnxcore50
      System.Reflection.Primitives (>= 4.0.0) - framework: dnxcore50
      System.Runtime (>= 4.0.0) - framework: dnxcore50
    System.Reflection.Emit.ILGeneration (4.0.0) - framework: dnxcore50
      System.Reflection (>= 4.0.0) - framework: dnxcore50
      System.Reflection.Primitives (>= 4.0.0) - framework: dnxcore50
      System.Runtime (>= 4.0.0) - framework: dnxcore50
    System.Reflection.Extensions (4.0.0) - framework: dnxcore50
      System.Diagnostics.Debug (>= 4.0.10) - framework: dnxcore50
      System.Reflection (>= 4.0.0) - framework: dnxcore50
      System.Reflection (>= 4.0.10) - framework: dnxcore50
      System.Reflection.Primitives (>= 4.0.0) - framework: dnxcore50
      System.Reflection.TypeExtensions (>= 4.0.0) - framework: dnxcore50
      System.Resources.ResourceManager (>= 4.0.0) - framework: dnxcore50
      System.Runtime (>= 4.0.0) - framework: dnxcore50
      System.Runtime (>= 4.0.20) - framework: dnxcore50
      System.Runtime.Extensions (>= 4.0.10) - framework: dnxcore50
    System.Reflection.Primitives (4.0.0) - framework: dnxcore50
      System.Runtime (>= 4.0.0) - framework: dnxcore50
      System.Threading (>= 4.0.0) - framework: dnxcore50
    System.Reflection.TypeExtensions (4.0.0) - framework: dnxcore50
      System.Diagnostics.Contracts (>= 4.0.0) - framework: dnxcore50
      System.Diagnostics.Debug (>= 4.0.10) - framework: dnxcore50
      System.Linq (>= 4.0.0) - framework: dnxcore50
      System.Reflection (>= 4.0.0) - framework: dnxcore50
      System.Reflection (>= 4.0.10) - framework: dnxcore50
      System.Reflection.Primitives (>= 4.0.0) - framework: dnxcore50
      System.Resources.ResourceManager (>= 4.0.0) - framework: dnxcore50
      System.Runtime (>= 4.0.0) - framework: dnxcore50
      System.Runtime (>= 4.0.20) - framework: dnxcore50
      System.Runtime.Extensions (>= 4.0.10) - framework: dnxcore50
    System.Resources.ResourceManager (4.0.0) - framework: dnxcore50
      System.Globalization (>= 4.0.0) - framework: dnxcore50
      System.Reflection (>= 4.0.0) - framework: dnxcore50
      System.Reflection (>= 4.0.10) - framework: dnxcore50
      System.Runtime (>= 4.0.0) - framework: dnxcore50
      System.Runtime (>= 4.0.20) - framework: dnxcore50
    System.Runtime (4.0.20) - framework: dnxcore50
      System.Private.Uri (>= 4.0.0) - framework: dnxcore50
    System.Runtime.Extensions (4.0.10) - framework: dnxcore50
      System.Runtime (>= 4.0.20) - framework: dnxcore50
    System.Text.Encoding (4.0.10) - framework: dnxcore50
      System.Runtime (>= 4.0.0) - framework: dnxcore50
    System.Text.Encoding.Extensions (4.0.10) - framework: dnxcore50
      System.Runtime (>= 4.0.0) - framework: dnxcore50
      System.Text.Encoding (>= 4.0.10) - framework: dnxcore50
    System.Threading (4.0.10) - framework: dnxcore50
      System.Runtime (>= 4.0.0) - framework: dnxcore50
      System.Threading.Tasks (>= 4.0.0) - framework: dnxcore50
    System.Threading.Tasks (4.0.10) - framework: dnxcore50
      System.Runtime (>= 4.0.0) - framework: dnxcore50
    xunit.abstractions (2.0.0) - framework: dnx451, dnxcore50, monoandroid, monotouch, xamarinios, winv4.5, wpv8.1, wpv8.0, >= net45
    xunit.extensibility.core (2.1.0) - framework: dnx451, dnxcore50, monoandroid, monotouch, xamarinios, winv4.5, wpv8.1, wpv8.0, >= net45
      xunit.abstractions (2.0.0)
    xunit.extensibility.execution (2.1.0) - framework: >= net45
      System.Collections (>= 4.0.0) - framework: dnxcore50
      System.Diagnostics.Debug (>= 4.0.0) - framework: dnxcore50
      System.Globalization (>= 4.0.0) - framework: dnxcore50
      System.IO (>= 4.0.0) - framework: dnxcore50
      System.Linq (>= 4.0.0) - framework: dnxcore50
      System.Linq.Expressions (>= 4.0.0) - framework: dnxcore50
      System.Reflection (>= 4.0.0) - framework: dnxcore50
      System.Reflection.Extensions (>= 4.0.0) - framework: dnxcore50
      System.Runtime (>= 4.0.0) - framework: dnxcore50
      System.Runtime.Extensions (>= 4.0.0) - framework: dnxcore50
      System.Text.Encoding (>= 4.0.0) - framework: dnxcore50
      System.Threading (>= 4.0.0) - framework: dnxcore50
      System.Threading.Tasks (>= 4.0.0) - framework: dnxcore50
      xunit.abstractions (>= 2.0.0) - framework: dnxcore50
      xunit.extensibility.core (2.1.0) - framework: dnx451, dnxcore50, monoandroid, monotouch, xamarinios, winv4.5, wpv8.1, wpv8.0, >= net45
    xunit.runner.console (2.1.0) - framework: >= net45
    xunit.runner.visualstudio (2.1.0) - framework: >= net45
